GEM
  remote: https://rubygems.org/
  specs:
    addressable (2.8.0)
      public_suffix (>= 2.0.2, < 5.0)
    ast (2.4.2)
    capybara (3.35.3)
      addressable
      mini_mime (>= 0.1.3)
      nokogiri (~> 1.8)
      rack (>= 1.6.0)
      rack-test (>= 0.6.3)
      regexp_parser (>= 1.5, < 3.0)
      xpath (~> 3.2)
    capybara-inline-screenshot (2.2.1)
      capybara-screenshot
    capybara-screenshot (1.0.25)
      capybara (>= 1.0, < 4)
      launchy
    childprocess (3.0.0)
    diff-lcs (1.4.4)
    launchy (2.5.0)
      addressable (~> 2.7)
    mini_mime (1.1.0)
    multi_json (1.15.0)
    mustermann (1.1.1)
      ruby2_keywords (~> 0.0.1)
    nio4r (2.5.7)
    nokogiri (1.11.7-arm64-darwin)
      racc (~> 1.4)
    parallel (1.20.1)
    parser (3.0.2.0)
      ast (~> 2.4.1)
    public_suffix (4.0.6)
    puma (5.3.2)
      nio4r (~> 2.0)
    racc (1.5.2)
    rack (2.2.3)
    rack-protection (2.1.0)
      rack
    rack-test (1.1.0)
      rack (>= 1.0, < 3)
    rainbow (3.0.0)
    regexp_parser (2.1.1)
    rexml (3.2.5)
    rspec (3.10.0)
      rspec-core (~> 3.10.0)
      rspec-expectations (~> 3.10.0)
      rspec-mocks (~> 3.10.0)
    rspec-core (3.10.1)
      rspec-support (~> 3.10.0)
    rspec-example_steps (3.1.1)
      rspec-core (>= 3.0.0)
    rspec-expectations (3.10.1)
      diff-lcs (>= 1.2.0, < 2.0)
      rspec-support (~> 3.10.0)
    rspec-mocks (3.10.2)
      diff-lcs (>= 1.2.0, < 2.0)
      rspec-support (~> 3.10.0)
    rspec-support (3.10.2)
    rubocop (1.18.3)
      parallel (~> 1.10)
      parser (>= 3.0.0.0)
      rainbow (>= 2.2.2, < 4.0)
      regexp_parser (>= 1.8, < 3.0)
      rexml
      rubocop-ast (>= 1.7.0, < 2.0)
      ruby-progressbar (~> 1.7)
      unicode-display_width (>= 1.4.0, < 3.0)
    rubocop-ast (1.8.0)
      parser (>= 3.0.1.1)
    rubocop-performance (1.11.3)
      rubocop (>= 1.7.0, < 2.0)
      rubocop-ast (>= 0.4.0)
    rubocop-rake (0.5.1)
      rubocop
    rubocop-rspec (2.3.0)
      rubocop (~> 1.0)
      rubocop-ast (>= 1.1.0)
    ruby-progressbar (1.11.0)
    ruby2_keywords (0.0.5)
    rubyzip (2.3.2)
    selenium-webdriver (3.142.7)
      childprocess (>= 0.5, < 4.0)
      rubyzip (>= 1.2.2)
    sinatra (2.1.0)
      mustermann (~> 1.0)
      rack (~> 2.2)
      rack-protection (= 2.1.0)
      tilt (~> 2.0)
    sinatra-contrib (2.1.0)
      multi_json
      mustermann (~> 1.0)
      rack-protection (= 2.1.0)
      sinatra (= 2.1.0)
      tilt (~> 2.0)
    sinatra-reloader (1.0)
      sinatra-contrib
    tilt (2.0.10)
    unicode-display_width (2.0.0)
    webdrivers (4.6.0)
      nokogiri (~> 1.6)
      rubyzip (>= 1.3.0)
      selenium-webdriver (>= 3.0, < 4.0)
    xpath (3.2.0)
      nokogiri (~> 1.8)

PLATFORMS
  arm64-darwin-20

DEPENDENCIES
  capybara
  capybara-inline-screenshot
  puma
  rspec
  rspec-example_steps
  rubocop
  rubocop-performance
  rubocop-rake
  rubocop-rspec
  selenium-webdriver
  sinatra
  sinatra-reloader
  webdrivers

BUNDLED WITH
   2.2.22
